GEM
  remote: https://rubygems.org/
  specs:
    addressable (2.8.7)
      public_suffix (>= 2.0.2, < 7.0)
    csv (3.2.8)
    faraday (2.10.0)
      faraday-net_http (>= 2.0, < 3.2)
      logger
    faraday-http-cache (2.5.1)
      faraday (>= 0.8)
    faraday-multipart (1.0.4)
      multipart-post (~> 2)
    faraday-net_http (3.1.0)
      net-http
    faraday-retry (2.2.1)
      faraday (~> 2.0)
    logger (1.6.0)
    multipart-post (2.4.1)
    net-http (0.4.1)
      uri
    octokit (9.1.0)
      faraday (>= 1, < 3)
      sawyer (~> 0.9)
    public_suffix (6.0.0)
    sawyer (0.9.2)
      addressable (>= 2.3.5)
      faraday (>= 0.17.3, < 3)
    uri (0.13.0)

PLATFORMS
  arm64-darwin-22
  ruby

DEPENDENCIES
  csv
  faraday-http-cache
  faraday-multipart
  faraday-retry
  octokit

BUNDLED WITH
   2.5.11
