GEM
  remote: https://rubygems.org/
  specs:
    RubyInline (3.14.1)
      ZenTest (~> 4.3)
    ZenTest (4.12.2)
    addressable (2.8.7)
      public_suffix (>= 2.0.2, < 7.0)
    bigdecimal (3.1.8)
    csv (3.2.8)
    diff-lcs (1.5.1)
    faraday (2.10.0)
      faraday-net_http (>= 2.0, < 3.2)
      logger
    faraday-http-cache (2.5.1)
      faraday (>= 0.8)
    faraday-multipart (1.0.4)
      multipart-post (~> 2)
    faraday-net_http (3.1.0)
      net-http
    faraday-retry (2.2.1)
      faraday (~> 2.0)
    fuzzy-string-match (1.0.1)
      RubyInline (>= 3.8.6)
    logger (1.6.0)
    mini_portile2 (2.8.7)
    multipart-post (2.4.1)
    net-http (0.4.1)
      uri
    octokit (9.1.0)
      faraday (>= 1, < 3)
      sawyer (~> 0.9)
    public_suffix (6.0.0)
    rspec (3.13.0)
      rspec-core (~> 3.13.0)
      rspec-expectations (~> 3.13.0)
      rspec-mocks (~> 3.13.0)
    rspec-core (3.13.0)
      rspec-support (~> 3.13.0)
    rspec-expectations (3.13.0)
      diff-lcs (>= 1.2.0, < 2.0)
      rspec-support (~> 3.13.0)
    rspec-mocks (3.13.1)
      diff-lcs (>= 1.2.0, < 2.0)
      rspec-support (~> 3.13.0)
    rspec-support (3.13.1)
    sawyer (0.9.2)
      addressable (>= 2.3.5)
      faraday (>= 0.17.3, < 3)
    sequel (5.82.0)
      bigdecimal
    sqlite3 (2.0.2)
      mini_portile2 (~> 2.8.0)
    sqlite3 (2.0.2-arm64-darwin)
    thor (1.3.1)
    uri (0.13.0)

PLATFORMS
  arm64-darwin-22
  ruby

DEPENDENCIES
  csv
  faraday-http-cache
  faraday-multipart
  faraday-retry
  fuzzy-string-match
  octokit
  rspec
  sequel
  sqlite3
  thor

RUBY VERSION
   ruby 3.3.0p0

BUNDLED WITH
   2.5.11
